GEM
  remote: https://rubygems.org/
  specs:
    dotenv (2.7.5)
    httparty (0.21.0)
      mini_mime (>= 1.0.0)
      multi_xml (>= 0.5.2)
    json (2.3.0)
    mini_mime (1.1.2)
    multi_xml (0.6.0)
    rake (12.3.3)

PLATFORMS
  ruby

DEPENDENCIES
  dotenv
  httparty
  json
  rake

BUNDLED WITH
   1.16.1
